PATH
  remote: .
  specs:
    poe-sniper (0.1.0)

GEM
  remote: https://rubygems.org/
  specs:
    diff-lcs (1.3)
    eventmachine (1.2.3-x64-mingw32)
    faye-websocket (0.10.7)
      eventmachine (>= 0.12.0)
      websocket-driver (>= 0.5.1)
    ffi (1.9.18-x64-mingw32)
    json (2.0.3)
    mini_portile2 (2.1.0)
    nokogiri (1.7.0.1-x64-mingw32)
      mini_portile2 (~> 2.1.0)
    parseconfig (1.0.8)
    rake (10.5.0)
    rb-notifu (0.0.4)
    rspec (3.5.0)
      rspec-core (~> 3.5.0)
      rspec-expectations (~> 3.5.0)
      rspec-mocks (~> 3.5.0)
    rspec-core (3.5.4)
      rspec-support (~> 3.5.0)
    rspec-expectations (3.5.0)
      diff-lcs (>= 1.2.0, < 2.0)
      rspec-support (~> 3.5.0)
    rspec-mocks (3.5.0)
      diff-lcs (>= 1.2.0, < 2.0)
      rspec-support (~> 3.5.0)
    rspec-support (3.5.0)
    wait_until (0.3.0)
    websocket-driver (0.6.5)
      websocket-extensions (>= 0.1.0)
    websocket-extensions (0.1.2)
    win32-clipboard (0.6.4)
      ffi

PLATFORMS
  x64-mingw32

DEPENDENCIES
  bundler (~> 1.14)
  faye-websocket
  json
  nokogiri
  parseconfig
  poe-sniper!
  rake (~> 10.0)
  rb-notifu
  rspec (~> 3.0)
  wait_until
  win32-clipboard

BUNDLED WITH
   1.14.6
