GIT
  remote: git@gitlab.com:5k-mirrors/poe-sniper-pro.git
  revision: 8829b6c1b8f4ca5fe5c3d81b4be0e38e75b95434
  glob: gem/poe-sniper-pro.gemspec
  specs:
    poe-sniper-pro (0.1.0)

GEM
  remote: https://rubygems.org/
  specs:
    addressable (2.5.2)
      public_suffix (>= 2.0.2, < 4.0)
    analytics-ruby (2.0.13)
    coveralls (0.8.21)
      json (>= 1.8, < 3)
      simplecov (~> 0.14.1)
      term-ansicolor (~> 1.3)
      thor (~> 0.19.4)
      tins (~> 1.6)
    crack (0.4.3)
      safe_yaml (~> 1.0.0)
    diff-lcs (1.3)
    docile (1.1.5)
    dotenv (2.2.2)
    eventmachine (1.2.5)
    eventmachine (1.2.5-x64-mingw32)
    faye-websocket (0.10.7)
      eventmachine (>= 0.12.0)
      websocket-driver (>= 0.5.1)
    ffi (1.9.23)
    ffi (1.9.23-x64-mingw32)
    hashdiff (0.3.7)
    json (2.1.0)
    mini_portile2 (2.3.0)
    nokogiri (1.8.2)
      mini_portile2 (~> 2.3.0)
    nokogiri (1.8.2-x64-mingw32)
      mini_portile2 (~> 2.3.0)
    ocra (1.3.10)
    parseconfig (1.0.8)
    public_suffix (3.0.2)
    rake (12.3.0)
    rb-notifu (0.0.4)
    rspec (3.7.0)
      rspec-core (~> 3.7.0)
      rspec-expectations (~> 3.7.0)
      rspec-mocks (~> 3.7.0)
    rspec-core (3.7.1)
      rspec-support (~> 3.7.0)
    rspec-expectations (3.7.0)
      diff-lcs (>= 1.2.0, < 2.0)
      rspec-support (~> 3.7.0)
    rspec-mocks (3.7.0)
      diff-lcs (>= 1.2.0, < 2.0)
      rspec-support (~> 3.7.0)
    rspec-support (3.7.1)
    safe_yaml (1.0.4)
    simplecov (0.14.1)
      docile (~> 1.1.0)
      json (>= 1.8, < 3)
      simplecov-html (~> 0.10.0)
    simplecov-html (0.10.2)
    term-ansicolor (1.6.0)
      tins (~> 1.0)
    thor (0.19.4)
    tins (1.16.3)
    waitutil (0.2.1)
    webmock (3.4.2)
      addressable (>= 2.3.6)
      crack (>= 0.3.2)
      hashdiff
    websocket-driver (0.7.0)
      websocket-extensions (>= 0.1.0)
    websocket-extensions (0.1.3)
    win32-clipboard (0.6.4)
      ffi

PLATFORMS
  ruby
  x64-mingw32

DEPENDENCIES
  analytics-ruby (~> 2.0.0)
  coveralls
  dotenv
  eventmachine
  faye-websocket
  json
  nokogiri
  ocra (~> 1.3, >= 1.3.10)
  parseconfig
  poe-sniper-pro!
  rake (~> 12.3)
  rb-notifu
  rspec (~> 3.0)
  waitutil
  webmock
  win32-clipboard

RUBY VERSION
   ruby 2.3.3p222

BUNDLED WITH
   1.16.2
